GEM
  remote: http://rubygems.org/
  specs:
    daemons (1.1.9)
    eventmachine (1.0.1)
    json (1.7.7)
    pg (0.14.1)
    rack (1.5.2)
    sequel (3.45.0)
    thin (1.5.0)
      daemons (>= 1.0.9)
      eventmachine (>= 0.12.6)
      rack (>= 1.0.0)

PLATFORMS
  ruby

DEPENDENCIES
  json
  pg
  rack
  sequel
  thin
